PATH
  remote: .
  specs:
    code_buddy (0.0.1)
      json_pure (~> 1.4.6)
      rack (~> 1.2.0)
      sinatra (~> 1.1.0)

GEM
  remote: http://rubygems.org/
  specs:
    diff-lcs (1.1.2)
    json_pure (1.4.6)
    mocha (0.9.10)
      rake
    rack (1.2.1)
    rake (0.8.7)
    rspec (2.2.0)
      rspec-core (~> 2.2)
      rspec-expectations (~> 2.2)
      rspec-mocks (~> 2.2)
    rspec-core (2.2.1)
    rspec-expectations (2.2.0)
      diff-lcs (~> 1.1.2)
    rspec-mocks (2.2.0)
    sinatra (1.1.0)
      rack (~> 1.1)
      tilt (~> 1.1)
    tilt (1.1)

PLATFORMS
  ruby

DEPENDENCIES
  code_buddy!
  json_pure (~> 1.4.6)
  mocha (~> 0.9.10)
  rack (~> 1.2.0)
  rake (~> 0.8.7)
  rspec (~> 2.2.0)
  sinatra (~> 1.1.0)
